PATH
  remote: .
  specs:
    stock_checker (0.1.0)

GEM
  remote: https://rubygems.org/
  specs:
    rake (10.4.2)

PLATFORMS
  ruby

DEPENDENCIES
  bundler (~> 1.15)
  rake (~> 10.0)
  stock_checker!

BUNDLED WITH
   1.15.1
